GEM
  remote: https://rubygems.org/
  specs:
    activemodel (3.2.22.2)
      activesupport (= 3.2.22.2)
      builder (~> 3.0.0)
    activerecord (3.2.22.2)
      activemodel (= 3.2.22.2)
      activesupport (= 3.2.22.2)
      arel (~> 3.0.2)
      tzinfo (~> 0.3.29)
    activesupport (3.2.22.2)
      i18n (~> 0.6, >= 0.6.4)
      multi_json (~> 1.0)
    arel (3.0.3)
    bcrypt (3.1.11-x86-mingw32)
    bcrypt-ruby (3.1.5-x86-mingw32)
      bcrypt (>= 3.1.3)
    builder (3.0.4)
    i18n (0.7.0)
    json (1.8.3)
    multi_json (1.12.1)
    rack (1.6.4)
    rack-protection (1.5.3)
      rack
    sinatra (1.4.7)
      rack (~> 1.5)
      rack-protection (~> 1.4)
      tilt (>= 1.3, < 3)
    songkick-oauth2-provider (0.10.2)
      activerecord
      bcrypt-ruby
      json
      rack
    sqlite3 (1.3.11-x86-mingw32)
    tilt (2.0.5)
    tzinfo (0.3.50)

PLATFORMS
  x86-mingw32

DEPENDENCIES
  activerecord (= 3.2.22.2)
  sinatra (>= 1.3.0)
  songkick-oauth2-provider
  sqlite3

BUNDLED WITH
   1.10.6
